PATH
  remote: ../..
  specs:
    emrb (0.1.3)
      prometheus-client (~> 4)

GEM
  remote: https://rubygems.org/
  specs:
    base64 (0.2.0)
    prometheus-client (4.2.3)
      base64

PLATFORMS
  ruby
  x86_64-linux

DEPENDENCIES
  emrb!

BUNDLED WITH
   2.5.18
